PATH
  remote: .
  specs:
    bubble-wrap-http (1.0)

GEM
  remote: https://rubygems.org/
  specs:
    rake (10.1.1)

PLATFORMS
  ruby

DEPENDENCIES
  bubble-wrap-http!
  rake
